GIT
  remote: git://github.com/txstate-etc/omniauth-cas.git
  revision: c2c538c37155624b39c564ea59a2ba1ccb647cdb
  ref: c2c538c371
  specs:
    omniauth-cas (1.1.0)
      addressable (~> 2.3)
      nokogiri (~> 1.5)
      omniauth (~> 1.2.0)

GIT
  remote: git://github.com/txstate-etc/ri_cal.git
  revision: 5891733ef14bb282db2e49bab121b2de81d3b26b
  ref: 5891733ef1
  specs:
    ri_cal (0.8.8)

GEM
  remote: https://rubygems.org/
  specs:
    actionmailer (4.2.5.1)
      actionpack (= 4.2.5.1)
      actionview (= 4.2.5.1)
      activejob (= 4.2.5.1)
      mail (~> 2.5, >= 2.5.4)
      rails-dom-testing (~> 1.0, >= 1.0.5)
    actionpack (4.2.5.1)
      actionview (= 4.2.5.1)
      activesupport (= 4.2.5.1)
      rack (~> 1.6)
      rack-test (~> 0.6.2)
      rails-dom-testing (~> 1.0, >= 1.0.5)
      rails-html-sanitizer (~> 1.0, >= 1.0.2)
    actionview (4.2.5.1)
      activesupport (= 4.2.5.1)
      builder (~> 3.1)
      erubis (~> 2.7.0)
      rails-dom-testing (~> 1.0, >= 1.0.5)
      rails-html-sanitizer (~> 1.0, >= 1.0.2)
    activejob (4.2.5.1)
      activesupport (= 4.2.5.1)
      globalid (>= 0.3.0)
    activemodel (4.2.5.1)
      activesupport (= 4.2.5.1)
      builder (~> 3.1)
    activerecord (4.2.5.1)
      activemodel (= 4.2.5.1)
      activesupport (= 4.2.5.1)
      arel (~> 6.0)
    activesupport (4.2.5.1)
      i18n (~> 0.7)
      json (~> 1.7, >= 1.7.7)
      minitest (~> 5.1)
      thread_safe (~> 0.3, >= 0.3.4)
      tzinfo (~> 1.1)
    acts-as-taggable-on (3.4.4)
      activerecord (>= 3.2, < 5)
    addressable (2.7.0)
      public_suffix (>= 2.0.2, < 5.0)
    after_commit_action (1.0.1)
      activerecord (>= 3.0.0)
      activesupport (>= 3.0.0)
    airbrussh (1.4.0)
      sshkit (>= 1.6.1, != 1.7.0)
    arel (6.0.4)
    better_errors (2.9.1)
      coderay (>= 1.0.0)
      erubi (>= 1.0.0)
      rack (>= 0.9.0)
    binding_of_caller (0.8.0)
      debug_inspector (>= 0.0.1)
    builder (3.2.4)
    byebug (10.0.2)
    capistrano (3.14.1)
      airbrussh (>= 1.0.0)
      i18n
      rake (>= 10.0.0)
      sshkit (>= 1.9.0)
    capistrano-bundler (2.0.1)
      capistrano (~> 3.1)
    capistrano-passenger (0.2.0)
      capistrano (~> 3.0)
    capistrano-rails (1.6.1)
      capistrano (~> 3.1)
      capistrano-bundler (>= 1.1, < 3)
    chronic (0.10.2)
    climate_control (0.2.0)
    cocoon (1.2.15)
    coderay (1.1.3)
    concurrent-ruby (1.1.7)
    counter_culture (0.1.34)
      activerecord (>= 3.0.0)
      activesupport (>= 3.0.0)
      after_commit_action (~> 1.0.0)
    crass (1.0.6)
    daemons (1.3.1)
    debug_inspector (0.0.3)
    delayed_job (4.1.8)
      activesupport (>= 3.0, < 6.1)
    delayed_job_active_record (4.1.4)
      activerecord (>= 3.0, < 6.1)
      delayed_job (>= 3.0, < 5)
    erubi (1.9.0)
    erubis (2.7.0)
    eventmachine (1.2.7)
    exception_notification (4.4.0)
      actionmailer (>= 4.0, < 7)
      activesupport (>= 4.0, < 7)
    execjs (2.7.0)
    fast_stack (0.2.0)
    ffi (1.12.2)
    flamegraph (0.0.9)
      fast_stack
    globalid (0.4.2)
      activesupport (>= 4.2.0)
    hashie (3.4.3)
    high_voltage (2.2.1)
    htmlentities (4.3.4)
    i18n (0.9.5)
      concurrent-ruby (~> 1.0)
    jbuilder (2.9.1)
      activesupport (>= 4.2.0)
    jquery-rails (4.4.0)
      rails-dom-testing (>= 1, < 3)
      railties (>= 4.2.0)
      thor (>= 0.14, < 2.0)
    json (1.8.6)
    libv8 (3.16.14.19)
    loofah (2.7.0)
      crass (~> 1.0.2)
      nokogiri (>= 1.5.9)
    mail (2.7.1)
      mini_mime (>= 0.1.1)
    mime-types (3.3.1)
      mime-types-data (~> 3.2015)
    mime-types-data (3.2020.1104)
    mimemagic (0.3.5)
    mini_mime (1.0.2)
    mini_portile2 (2.4.0)
    minitest (5.14.2)
    mysql2 (0.4.10)
    net-ldap (0.9.0)
    net-scp (3.0.0)
      net-ssh (>= 2.6.5, < 7.0.0)
    net-ssh (4.2.0)
    nokogiri (1.9.1)
      mini_portile2 (~> 2.4.0)
    omniauth (1.2.2)
      hashie (>= 1.2, < 4)
      rack (~> 1.0)
    paper_trail (4.1.0)
      activerecord (>= 3.0, < 6.0)
      activesupport (>= 3.0, < 6.0)
      request_store (~> 1.1)
    paperclip (6.1.0)
      activemodel (>= 4.2.0)
      activesupport (>= 4.2.0)
      mime-types
      mimemagic (~> 0.3.0)
      terrapin (~> 0.6.0)
    passenger (6.0.4)
      rack
      rake (>= 0.8.1)
    pdf-core (0.4.0)
    prawn (1.3.0)
      pdf-core (~> 0.4.0)
      ttfunk (~> 1.4.0)
    public_suffix (3.1.1)
    quiet_assets (1.1.0)
      railties (>= 3.1, < 5.0)
    rack (1.6.13)
    rack-test (0.6.3)
      rack (>= 1.0)
    rails (4.2.5.1)
      actionmailer (= 4.2.5.1)
      actionpack (= 4.2.5.1)
      actionview (= 4.2.5.1)
      activejob (= 4.2.5.1)
      activemodel (= 4.2.5.1)
      activerecord (= 4.2.5.1)
      activesupport (= 4.2.5.1)
      bundler (>= 1.3.0, < 2.0)
      railties (= 4.2.5.1)
      sprockets-rails
    rails-deprecated_sanitizer (1.0.3)
      activesupport (>= 4.2.0.alpha)
    rails-dom-testing (1.0.9)
      activesupport (>= 4.2.0, < 5.0)
      nokogiri (~> 1.6)
      rails-deprecated_sanitizer (>= 1.0.1)
    rails-html-sanitizer (1.3.0)
      loofah (~> 2.3)
    rails-jquery-autocomplete (1.0.5)
      rails (>= 3.2)
    rails_autolink (1.1.6)
      rails (> 3.1)
    railties (4.2.5.1)
      actionpack (= 4.2.5.1)
      activesupport (= 4.2.5.1)
      rake (>= 0.8.7)
      thor (>= 0.18.1, < 2.0)
    rake (13.0.1)
    rb-fsevent (0.10.4)
    rb-inotify (0.10.1)
      ffi (~> 1.0)
    rdoc (4.3.0)
    ref (2.0.0)
    request_store (1.5.0)
      rack (>= 1.4)
    rvm1-capistrano3 (1.4.0)
      capistrano (~> 3.0)
      sshkit (>= 1.2)
    sass (3.7.4)
      sass-listen (~> 4.0.0)
    sass-listen (4.0.0)
      rb-fsevent (~> 0.9, >= 0.9.4)
      rb-inotify (~> 0.9, >= 0.9.7)
    sass-rails (5.0.7)
      railties (>= 4.0.0, < 6)
      sass (~> 3.1)
      sprockets (>= 2.8, < 4.0)
      sprockets-rails (>= 2.0, < 4.0)
      tilt (>= 1.1, < 3)
    sdoc (0.4.2)
      json (~> 1.7, >= 1.7.7)
      rdoc (~> 4.0)
    simple_form (3.2.1)
      actionpack (> 4, < 5.1)
      activemodel (> 4, < 5.1)
    spring (2.0.2)
      activesupport (>= 4.2)
    sprockets (3.7.2)
      concurrent-ruby (~> 1.0)
      rack (> 1, < 3)
    sprockets-rails (3.2.2)
      actionpack (>= 4.0)
      activesupport (>= 4.0)
      sprockets (>= 3.0.0)
    sshkit (1.21.0)
      net-scp (>= 1.1.2)
      net-ssh (>= 2.8.0)
    stackprof (0.2.16)
    terrapin (0.6.0)
      climate_control (>= 0.0.3, < 1.0)
    therubyracer (0.12.3)
      libv8 (~> 3.16.14.15)
      ref
    thin (1.7.2)
      daemons (~> 1.0, >= 1.0.9)
      eventmachine (~> 1.0, >= 1.0.4)
      rack (>= 1, < 3)
    thor (1.0.1)
    thread_safe (0.3.6)
    tilt (2.0.10)
    ttfunk (1.4.0)
    tzinfo (1.2.8)
      thread_safe (~> 0.1)
    uglifier (4.2.0)
      execjs (>= 0.3.0, < 3)
    web-console (2.3.0)
      activemodel (>= 4.0)
      binding_of_caller (>= 0.7.2)
      railties (>= 4.0)
      sprockets-rails (>= 2.0, < 4.0)
    whenever (1.0.0)
      chronic (>= 0.6.3)

PLATFORMS
  ruby

DEPENDENCIES
  acts-as-taggable-on (= 3.4.4)
  better_errors
  byebug
  capistrano-passenger
  capistrano-rails
  cocoon (~> 1.2.6)
  counter_culture (~> 0.1.25)
  daemons
  delayed_job
  delayed_job_active_record
  exception_notification
  flamegraph (~> 0.0.5)
  hashie (= 3.4.3)
  high_voltage (~> 2.2.1)
  htmlentities (~> 4.3.2)
  jbuilder (~> 2.0)
  jquery-rails
  mysql2 (>= 0.3.13, < 0.5)
  net-ldap (~> 0.9.0)
  omniauth-cas!
  paper_trail (~> 4.1.0)
  paperclip (~> 6.1.0)
  passenger (= 6.0.4)
  prawn (~> 1.3.0)
  quiet_assets
  rails (= 4.2.5.1)
  rails-jquery-autocomplete (~> 1.0.3)
  rails_autolink (~> 1.1.6)
  ri_cal!
  rvm1-capistrano3
  sass-rails (~> 5.0)
  sdoc (~> 0.4.0)
  simple_form (= 3.2.1)
  spring
  stackprof (~> 0.2.7)
  therubyracer
  thin
  uglifier (>= 1.3.0)
  web-console (~> 2.0)
  whenever

RUBY VERSION
   ruby 2.2.4p230

BUNDLED WITH
   1.17.3
